PATH
  remote: .
  specs:
    rdf-config (1.0.0)

GEM
  remote: https://rubygems.org/
  specs:
    rexml (3.3.1)
      strscan
    strscan (3.1.0)

PLATFORMS
  ruby

DEPENDENCIES
  rdf-config!
  rexml

BUNDLED WITH
   1.17.2
